GIT
  remote: git://github.com/sferik/rails_admin.git
  revision: 1ee2f2af816bd484207f43d87f859fd2b6e1b8b5
  specs:
    rails_admin (0.0.1)
      builder (~> 2.1.0)
      rails (~> 3.0.6)

GEM
  remote: http://rubygems.org/
  specs:
    abstract (1.0.0)
    actionmailer (3.0.3)
      actionpack (= 3.0.3)
      mail (~> 2.2.9)
    actionpack (3.0.3)
      activemodel (= 3.0.3)
      activesupport (= 3.0.3)
      builder (~> 2.1.2)
      erubis (~> 2.6.6)
      i18n (~> 0.4)
      rack (~> 1.2.1)
      rack-mount (~> 0.6.13)
      rack-test (~> 0.5.6)
      tzinfo (~> 0.3.23)
    activemodel (3.0.3)
      activesupport (= 3.0.3)
      builder (~> 2.1.2)
      i18n (~> 0.4)
    activerecord (3.0.3)
      activemodel (= 3.0.3)
      activesupport (= 3.0.3)
      arel (~> 2.0.2)
      tzinfo (~> 0.3.23)
    activeresource (3.0.3)
      activemodel (= 3.0.3)
      activesupport (= 3.0.3)
    activesupport (3.0.3)
    addressable (2.2.4)
    arel (2.0.7)
    bcrypt-ruby (2.1.4)
    bcrypt-ruby (2.1.4-x86-mingw32)
    builder (2.1.2)
    cancan (1.6.4)
    carrierwave (0.5.3)
      activesupport (~> 3.0)
    client_side_validations (3.0.2)
      activesupport (~> 3.0.0)
    compass (0.10.6)
      haml (>= 3.0.4)
    devise (1.1.5)
      bcrypt-ruby (~> 2.1.2)
      warden (~> 1.0.2)
    devise_ldap_authenticatable (0.4.4)
      devise (> 1.0.4)
      net-ldap (>= 0.1.1)
    erubis (2.6.6)
      abstract (>= 1.0.0)
    excon (0.6.1)
    faraday (0.4.6)
      addressable (>= 2.1.1)
      rack (>= 1.0.1)
    fastercsv (1.5.4)
    fog (0.7.2)
      builder
      excon (>= 0.6.1)
      formatador (>= 0.1.3)
      json
      mime-types
      net-ssh (>= 2.1.3)
      nokogiri (>= 1.4.4)
      ruby-hmac
    formatador (0.1.3)
    gravatar (1.0)
    haml (3.0.25)
    i18n (0.5.0)
    jquery-rails (0.2.7)
      rails (~> 3.0)
      thor (~> 0.14.4)
    json (1.5.1)
    mail (2.2.15)
      activesupport (>= 2.3.6)
      i18n (>= 0.4.0)
      mime-types (~> 1.16)
      treetop (~> 1.4.8)
    mime-types (1.16)
    multi_json (0.0.5)
    mysql2 (0.2.6)
    mysql2 (0.2.6-x86-mingw32)
    net-ldap (0.2.2)
    net-ssh (2.1.4)
    nifty-generators (0.4.6)
    nokogiri (1.4.4)
    nokogiri (1.4.4-x86-mingw32)
    oa-basic (0.1.0)
      multi_json (~> 0.0.2)
      nokogiri (~> 1.4.2)
      oa-core (= 0.1.0)
      rest-client (~> 1.6.0)
    oa-core (0.1.0)
      rack (~> 1.1)
    oa-enterprise (0.1.0)
      nokogiri (~> 1.4.2)
      oa-core (= 0.1.0)
    oa-oauth (0.1.0)
      multi_json (~> 0.0.2)
      nokogiri (~> 1.4.2)
      oa-core (= 0.1.0)
      oauth (~> 0.4.0)
      oauth2 (~> 0.0.10)
    oa-openid (0.1.0)
      oa-core (= 0.1.0)
      rack-openid (~> 1.1.1)
      ruby-openid-apps-discovery
    oauth (0.4.4)
    oauth2 (0.0.13)
      faraday (~> 0.4.1)
      multi_json (>= 0.0.4)
    omniauth (0.1.0)
      oa-basic (= 0.1.0)
      oa-core (= 0.1.0)
      oa-enterprise (= 0.1.0)
      oa-oauth (= 0.1.0)
      oa-openid (= 0.1.0)
    polyglot (0.3.1)
    rack (1.2.1)
    rack-mount (0.6.13)
      rack (>= 1.0.0)
    rack-openid (1.1.2)
      rack (>= 0.4)
      ruby-openid (>= 2.0.3)
    rack-test (0.5.7)
      rack (>= 1.0)
    rails (3.0.6)
      actionmailer (= 3.0.3)
      actionpack (= 3.0.3)
      activerecord (= 3.0.3)
      activeresource (= 3.0.3)
      activesupport (= 3.0.3)
      bundler (~> 1.0)
      railties (= 3.0.3)
    railties (3.0.3)
      actionpack (= 3.0.3)
      activesupport (= 3.0.3)
      rake (>= 0.8.7)
      thor (~> 0.14.4)
    rake (0.8.7)
    rest-client (1.6.1)
      mime-types (>= 1.16)
    ruby-hmac (0.4.0)
    ruby-openid (2.1.8)
    ruby-openid-apps-discovery (1.2.0)
      ruby-openid (>= 2.1.7)
    thor (0.14.6)
    treetop (1.4.9)
      polyglot (>= 0.3.1)
    tzinfo (0.3.24)
    warden (1.0.3)
      rack (>= 1.0.0)

PLATFORMS
  ruby
  x86-mingw32

DEPENDENCIES
  cancan
  carrierwave
  client_side_validations
  compass (>= 0.10.6)
  devise
  devise_ldap_authenticatable
  fastercsv
  fog
  gravatar
  jquery-rails
  mysql2
  nifty-generators
  omniauth
  rails (= 3.0.6)
  rails_admin!
